PATH
  remote: .
  specs:
    jenkins_pipeline_builder (1.10.13)
      activesupport (~> 4.2.6)
      jenkins_api_client (~> 1.0.0)
      minitar
      minitest (~> 5.15.0)
      mixlib-shellout (= 2.2.7)
      nokogiri (~> 1.6.0)
      thor (>= 0.18.0)

GEM
  remote: https://rubygems.org/
  specs:
    activesupport (4.2.11.3)
      i18n (~> 0.7)
      minitest (~> 5.1)
      thread_safe (~> 0.3, >= 0.3.4)
      tzinfo (~> 1.1)
    addressable (2.5.0)
      public_suffix (~> 2.0, >= 2.0.2)
    ast (2.4.2)
    builder (3.2.2)
    bump (0.5.3)
    byebug (11.0.1)
    coderay (1.1.1)
    concurrent-ruby (1.1.10)
    crack (0.4.3)
      safe_yaml (~> 1.0.0)
    diff-lcs (1.2.5)
    docile (1.3.5)
    equivalent-xml (0.6.0)
      nokogiri (>= 1.4.3)
    gem-release (0.7.4)
    hashdiff (0.3.2)
    i18n (0.9.5)
      concurrent-ruby (~> 1.0)
    jaro_winkler (1.5.4)
    jenkins_api_client (1.0.1)
      json
      mixlib-shellout (>= 1.1.0)
      nokogiri (~> 1.6.0)
      terminal-table (>= 1.4.0)
      thor (>= 0.16.0)
    json (2.6.2)
    kwalify (0.7.2)
    method_source (0.8.2)
    mini_portile2 (2.1.0)
    minitar (0.9)
    minitest (5.15.0)
    mixlib-shellout (2.2.7)
    nokogiri (1.6.8.1)
      mini_portile2 (~> 2.1.0)
    parallel (1.19.2)
    parser (3.1.2.0)
      ast (~> 2.4.1)
    pry (0.10.4)
      coderay (~> 1.1.0)
      method_source (~> 0.8.1)
      slop (~> 3.4)
    public_suffix (2.0.4)
    rainbow (3.1.1)
    rake (12.0.0)
    rexml (3.2.5)
    rspec (3.5.0)
      rspec-core (~> 3.5.0)
      rspec-expectations (~> 3.5.0)
      rspec-mocks (~> 3.5.0)
    rspec-core (3.5.4)
      rspec-support (~> 3.5.0)
    rspec-expectations (3.5.0)
      diff-lcs (>= 1.2.0, < 2.0)
      rspec-support (~> 3.5.0)
    rspec-mocks (3.5.0)
      diff-lcs (>= 1.2.0, < 2.0)
      rspec-support (~> 3.5.0)
    rspec-support (3.5.0)
    rspec_junit_formatter (0.2.3)
      builder (< 4)
      rspec-core (>= 2, < 4, != 2.12.0)
    rubocop (0.81.0)
      jaro_winkler (~> 1.5.1)
      parallel (~> 1.10)
      parser (>= 2.7.0.1)
      rainbow (>= 2.2.2, < 4.0)
      rexml
      ruby-progressbar (~> 1.7)
      unicode-display_width (>= 1.4.0, < 2.0)
    ruby-progressbar (1.11.0)
    safe_yaml (1.0.4)
    simplecov (0.17.1)
      docile (~> 1.1)
      json (>= 1.8, < 3)
      simplecov-html (~> 0.10.0)
    simplecov-html (0.10.2)
    simplecov-rcov (0.2.3)
      simplecov (>= 0.4.1)
    slop (3.6.0)
    terminal-table (3.0.2)
      unicode-display_width (>= 1.1.1, < 3)
    thor (0.19.4)
    thread_safe (0.3.6)
    tzinfo (1.2.9)
      thread_safe (~> 0.1)
    unicode-display_width (1.8.0)
    webmock (1.24.6)
      addressable (>= 2.3.6)
      crack (>= 0.3.2)
      hashdiff
    yard (0.9.5)
    yard-thor (0.0.1)
      thor
      yard

PLATFORMS
  ruby

DEPENDENCIES
  bump
  byebug (= 11.0.1)
  equivalent-xml (= 0.6.0)
  gem-release
  jenkins_pipeline_builder!
  json
  kwalify
  pry
  rake
  rspec (~> 3.0)
  rspec_junit_formatter
  rubocop (= 0.81)
  simplecov (= 0.17.1)
  simplecov-rcov
  webmock (~> 1.0)
  yard
  yard-thor

BUNDLED WITH
   2.0.2
